GEM
  remote: https://rubygems.org/
  specs:
    coffee-script (2.2.0)
      coffee-script-source
      execjs
    coffee-script-source (1.3.3)
    execjs (1.4.0)
      multi_json (~> 1.0)
    expanded_date (0.2.1)
    ffi (1.1.5)
    guard (1.3.2)
      listen (>= 0.4.2)
      thor (>= 0.14.6)
    guard-coffeescript (1.2.0)
      coffee-script (>= 2.2.0)
      guard (>= 1.1.0)
    guard-haml (0.4)
      guard (>= 1.1)
      haml (>= 3.0)
    guard-shell (0.5.1)
      guard (>= 1.1.0)
    haml (3.1.7)
    hpricot (0.8.6)
    libv8 (3.3.10.4)
    listen (0.5.0)
    multi_json (1.3.6)
    rb-fsevent (0.9.1)
    rb-inotify (0.8.8)
      ffi (>= 0.5.0)
    therubyracer (0.10.2)
      libv8 (~> 3.3.10)
    thor (0.16.0)

PLATFORMS
  ruby

DEPENDENCIES
  expanded_date
  guard
  guard-coffeescript
  guard-haml
  guard-shell
  haml
  hpricot
  rb-fsevent (~> 0.9.1)
  rb-inotify (~> 0.8.8)
  therubyracer
